PATH
  remote: .
  specs:
    hasoffers (0.1.2)
      crack
      yajl-ruby

GEM
  remote: http://rubygems.org/
  specs:
    crack (0.1.8)
    rake (0.9.2)
    yajl-ruby (0.8.2)

PLATFORMS
  ruby

DEPENDENCIES
  hasoffers!
  rake
